GEM
  remote: https://rubygems.org/
  specs:
    json (1.8.1)
    rdoc (3.12.2)
      json (~> 1.4)
    sdoc (0.3.20)
      json (>= 1.1.3)
      rdoc (~> 3.10)

PLATFORMS
  ruby

DEPENDENCIES
  sdoc
